GEM
  remote: http://rubygems.org/
  specs:
    hanami-mailer (1.0.0)
      hanami-utils (~> 1.0)
      mail (~> 2.5)
      tilt (~> 2.0, >= 2.0.1)
    hanami-utils (1.0.3)
      transproc (~> 1.0)
    mail (2.6.6)
      mime-types (>= 1.16, < 4)
    mime-types (3.1)
      mime-types-data (~> 3.2015)
    mime-types-data (3.2016.0521)
    tilt (2.0.8)
    transproc (1.0.2)

PLATFORMS
  ruby

DEPENDENCIES
  hanami-mailer

RUBY VERSION
   ruby 2.4.0p0

BUNDLED WITH
   1.15.1
